PATH
  remote: .
  specs:
    fluent-plugin-auto-typecast-filter (0.2.0)

GEM
  remote: https://rubygems.org/
  specs:
    concurrent-ruby (1.1.5)
    cool.io (1.5.4)
    dig_rb (1.0.1)
    fluentd (1.7.0)
      cool.io (>= 1.4.5, < 2.0.0)
      dig_rb (~> 1.0.0)
      http_parser.rb (>= 0.5.1, < 0.7.0)
      msgpack (>= 0.7.0, < 2.0.0)
      serverengine (>= 2.0.4, < 3.0.0)
      sigdump (~> 0.2.2)
      strptime (>= 0.2.2, < 1.0.0)
      tzinfo (~> 2.0)
      tzinfo-data (~> 1.0)
      yajl-ruby (~> 1.0)
    hoe (3.18.0)
      rake (>= 0.8, < 13.0)
    http_parser.rb (0.6.0)
    msgpack (1.3.1)
    rake (10.5.0)
    serverengine (2.1.1)
      sigdump (~> 0.2.2)
    sigdump (0.2.4)
    strptime (0.2.3)
    test-unit (1.2.3)
      hoe (>= 1.5.1)
    tzinfo (2.0.0)
      concurrent-ruby (~> 1.0)
    tzinfo-data (1.2019.2)
      tzinfo (>= 1.0.0)
    yajl-ruby (1.4.1)

PLATFORMS
  ruby

DEPENDENCIES
  bundler (~> 2.0.2)
  fluent-plugin-auto-typecast-filter!
  fluentd (~> 1.7.0)
  rake (~> 10.0)
  test-unit (~> 1.2.3)

BUNDLED WITH
   2.0.2
